GIT
  remote: https://github.com/kinduff/trestle-active_storage.git
  revision: 9ff590af93af7f638a98749e5fa067d4d6cc3168
  specs:
    trestle-active_storage (3.0.1)
      rails (>= 5.2)
      trestle (~> 0.9.0, >= 0.9.3)

GEM
  remote: https://rubygems.org/
  specs:
    actioncable (7.1.5.2)
      actionpack (= 7.1.5.2)
      activesupport (= 7.1.5.2)
      nio4r (~> 2.0)
      websocket-driver (>= 0.6.1)
      zeitwerk (~> 2.6)
    actionmailbox (7.1.5.2)
      actionpack (= 7.1.5.2)
      activejob (= 7.1.5.2)
      activerecord (= 7.1.5.2)
      activestorage (= 7.1.5.2)
      activesupport (= 7.1.5.2)
      mail (>= 2.7.1)
      net-imap
      net-pop
      net-smtp
    actionmailer (7.1.5.2)
      actionpack (= 7.1.5.2)
      actionview (= 7.1.5.2)
      activejob (= 7.1.5.2)
      activesupport (= 7.1.5.2)
      mail (~> 2.5, >= 2.5.4)
      net-imap
      net-pop
      net-smtp
      rails-dom-testing (~> 2.2)
    actionpack (7.1.5.2)
      actionview (= 7.1.5.2)
      activesupport (= 7.1.5.2)
      nokogiri (>= 1.8.5)
      racc
      rack (>= 2.2.4)
      rack-session (>= 1.0.1)
      rack-test (>= 0.6.3)
      rails-dom-testing (~> 2.2)
      rails-html-sanitizer (~> 1.6)
    actiontext (7.1.5.2)
      actionpack (= 7.1.5.2)
      activerecord (= 7.1.5.2)
      activestorage (= 7.1.5.2)
      activesupport (= 7.1.5.2)
      globalid (>= 0.6.0)
      nokogiri (>= 1.8.5)
    actionview (7.1.5.2)
      activesupport (= 7.1.5.2)
      builder (~> 3.1)
      erubi (~> 1.11)
      rails-dom-testing (~> 2.2)
      rails-html-sanitizer (~> 1.6)
    activejob (7.1.5.2)
      activesupport (= 7.1.5.2)
      globalid (>= 0.3.6)
    activemodel (7.1.5.2)
      activesupport (= 7.1.5.2)
    activerecord (7.1.5.2)
      activemodel (= 7.1.5.2)
      activesupport (= 7.1.5.2)
      timeout (>= 0.4.0)
    activestorage (7.1.5.2)
      actionpack (= 7.1.5.2)
      activejob (= 7.1.5.2)
      activerecord (= 7.1.5.2)
      activesupport (= 7.1.5.2)
      marcel (~> 1.0)
    activesupport (7.1.5.2)
      base64
      benchmark (>= 0.3)
      bigdecimal
      concurrent-ruby (~> 1.0, >= 1.0.2)
      connection_pool (>= 2.2.5)
      drb
      i18n (>= 1.6, < 2)
      logger (>= 1.4.2)
      minitest (>= 5.1)
      mutex_m
      securerandom (>= 0.3)
      tzinfo (~> 2.0)
    addressable (2.8.7)
      public_suffix (>= 2.0.2, < 7.0)
    ast (2.4.3)
    aws-eventstream (1.4.0)
    aws-partitions (1.1174.0)
    aws-sdk-core (3.233.0)
      aws-eventstream (~> 1, >= 1.3.0)
      aws-partitions (~> 1, >= 1.992.0)
      aws-sigv4 (~> 1.9)
      base64
      bigdecimal
      jmespath (~> 1, >= 1.6.1)
      logger
    aws-sdk-kms (1.114.0)
      aws-sdk-core (~> 3, >= 3.231.0)
      aws-sigv4 (~> 1.5)
    aws-sdk-s3 (1.200.0)
      aws-sdk-core (~> 3, >= 3.231.0)
      aws-sdk-kms (~> 1)
      aws-sigv4 (~> 1.5)
    aws-sigv4 (1.12.1)
      aws-eventstream (~> 1, >= 1.0.2)
    base64 (0.3.0)
    bcrypt (3.1.20)
    benchmark (0.4.1)
    bigdecimal (3.3.1)
    bindex (0.8.1)
    bootsnap (1.18.6)
      msgpack (~> 1.2)
    builder (3.3.0)
    concurrent-ruby (1.3.5)
    connection_pool (2.5.4)
    crass (1.0.6)
    csv (3.3.5)
    date (3.4.1)
    debug (1.11.0)
      irb (~> 1.10)
      reline (>= 0.3.8)
    diff-lcs (1.6.2)
    docile (1.4.1)
    drb (2.2.3)
    erb (5.1.1)
    erubi (1.13.1)
    factory_bot (6.5.5)
      activesupport (>= 6.1.0)
    factory_bot_rails (6.5.1)
      factory_bot (~> 6.5)
      railties (>= 6.1.0)
    faraday (2.14.0)
      faraday-net_http (>= 2.0, < 3.5)
      json
      logger
    faraday-net_http (3.4.1)
      net-http (>= 0.5.0)
    ffi (1.17.2-aarch64-linux-gnu)
    ffi (1.17.2-aarch64-linux-musl)
    ffi (1.17.2-arm-linux-gnu)
    ffi (1.17.2-arm-linux-musl)
    ffi (1.17.2-arm64-darwin)
    ffi (1.17.2-x86_64-darwin)
    ffi (1.17.2-x86_64-linux-gnu)
    ffi (1.17.2-x86_64-linux-musl)
    globalid (1.3.0)
      activesupport (>= 6.1)
    groupdate (6.7.0)
      activesupport (>= 7.1)
    httparty (0.23.2)
      csv
      mini_mime (>= 1.0.0)
      multi_xml (>= 0.5.2)
    i18n (1.14.7)
      concurrent-ruby (~> 1.0)
    image_processing (1.14.0)
      mini_magick (>= 4.9.5, < 6)
      ruby-vips (>= 2.0.17, < 3)
    io-console (0.8.1)
    irb (1.15.2)
      pp (>= 0.6.0)
      rdoc (>= 4.0.0)
      reline (>= 0.4.2)
    jbuilder (2.14.1)
      actionview (>= 7.0.0)
      activesupport (>= 7.0.0)
    jmespath (1.6.2)
    json (2.15.1)
    json-schema (5.2.2)
      addressable (~> 2.8)
      bigdecimal (~> 3.1)
    jsonapi-serializer (2.2.0)
      activesupport (>= 4.2)
    jsonapi.rb (2.1.1)
      jsonapi-serializer
      rack
    kaminari (1.2.2)
      activesupport (>= 4.1.0)
      kaminari-actionview (= 1.2.2)
      kaminari-activerecord (= 1.2.2)
      kaminari-core (= 1.2.2)
    kaminari-actionview (1.2.2)
      actionview
      kaminari-core (= 1.2.2)
    kaminari-activerecord (1.2.2)
      activerecord
      kaminari-core (= 1.2.2)
    kaminari-core (1.2.2)
    language_server-protocol (3.17.0.5)
    lint_roller (1.1.0)
    logger (1.7.0)
    loofah (2.24.1)
      crass (~> 1.0.2)
      nokogiri (>= 1.12.0)
    mail (2.8.1)
      mini_mime (>= 0.1.1)
      net-imap
      net-pop
      net-smtp
    marcel (1.1.0)
    mini_magick (5.3.1)
      logger
    mini_mime (1.1.5)
    minitest (5.26.0)
    msgpack (1.8.0)
    multi_xml (0.7.2)
      bigdecimal (~> 3.1)
    mutex_m (0.3.0)
    net-http (0.6.0)
      uri
    net-imap (0.5.12)
      date
      net-protocol
    net-pop (0.1.2)
      net-protocol
    net-protocol (0.2.2)
      timeout
    net-smtp (0.5.1)
      net-protocol
    nio4r (2.7.4)
    nokogiri (1.18.10-aarch64-linux-gnu)
      racc (~> 1.4)
    nokogiri (1.18.10-aarch64-linux-musl)
      racc (~> 1.4)
    nokogiri (1.18.10-arm-linux-gnu)
      racc (~> 1.4)
    nokogiri (1.18.10-arm-linux-musl)
      racc (~> 1.4)
    nokogiri (1.18.10-arm64-darwin)
      racc (~> 1.4)
    nokogiri (1.18.10-x86_64-darwin)
      racc (~> 1.4)
    nokogiri (1.18.10-x86_64-linux-gnu)
      racc (~> 1.4)
    nokogiri (1.18.10-x86_64-linux-musl)
      racc (~> 1.4)
    parallel (1.27.0)
    parser (3.3.9.0)
      ast (~> 2.4.1)
      racc
    pg (1.6.2)
    pg (1.6.2-aarch64-linux)
    pg (1.6.2-aarch64-linux-musl)
    pg (1.6.2-arm64-darwin)
    pg (1.6.2-x86_64-darwin)
    pg (1.6.2-x86_64-linux)
    pg (1.6.2-x86_64-linux-musl)
    pg_search (2.3.7)
      activerecord (>= 6.1)
      activesupport (>= 6.1)
    pp (0.6.3)
      prettyprint
    prettyprint (0.2.0)
    prism (1.6.0)
    psych (5.2.6)
      date
      stringio
    public_suffix (6.0.2)
    puma (6.6.1)
      nio4r (~> 2.0)
    racc (1.8.1)
    rack (3.2.3)
    rack-attack (6.8.0)
      rack (>= 1.0, < 4)
    rack-cors (1.1.1)
      rack (>= 2.0.0)
    rack-mini-profiler (3.3.1)
      rack (>= 1.2.0)
    rack-session (2.1.1)
      base64 (>= 0.1.0)
      rack (>= 3.0.0)
    rack-test (2.2.0)
      rack (>= 1.3)
    rackup (2.2.1)
      rack (>= 3)
    rails (7.1.5.2)
      actioncable (= 7.1.5.2)
      actionmailbox (= 7.1.5.2)
      actionmailer (= 7.1.5.2)
      actionpack (= 7.1.5.2)
      actiontext (= 7.1.5.2)
      actionview (= 7.1.5.2)
      activejob (= 7.1.5.2)
      activemodel (= 7.1.5.2)
      activerecord (= 7.1.5.2)
      activestorage (= 7.1.5.2)
      activesupport (= 7.1.5.2)
      bundler (>= 1.15.0)
      railties (= 7.1.5.2)
    rails-dom-testing (2.3.0)
      activesupport (>= 5.0.0)
      minitest
      nokogiri (>= 1.6)
    rails-html-sanitizer (1.6.2)
      loofah (~> 2.21)
      nokogiri (>= 1.15.7, != 1.16.7, != 1.16.6, != 1.16.5, != 1.16.4, != 1.16.3, != 1.16.2, != 1.16.1, != 1.16.0.rc1, != 1.16.0)
    railties (7.1.5.2)
      actionpack (= 7.1.5.2)
      activesupport (= 7.1.5.2)
      irb
      rackup (>= 1.0.0)
      rake (>= 12.2)
      thor (~> 1.0, >= 1.2.2)
      zeitwerk (~> 2.6)
    rainbow (3.1.1)
    rake (13.3.0)
    ransack (3.2.1)
      activerecord (>= 6.1.5)
      activesupport (>= 6.1.5)
      i18n
    rdoc (6.15.0)
      erb
      psych (>= 4.0.0)
      tsort
    readme-metrics (2.4.1)
      httparty (~> 0.18)
      rack (>= 2.2, < 4)
    redis (4.8.1)
    redis-client (0.26.1)
      connection_pool
    regexp_parser (2.11.3)
    reline (0.6.2)
      io-console (~> 0.5)
    rspec-core (3.13.6)
      rspec-support (~> 3.13.0)
    rspec-expectations (3.13.5)
      diff-lcs (>= 1.2.0, < 2.0)
      rspec-support (~> 3.13.0)
    rspec-mocks (3.13.6)
      diff-lcs (>= 1.2.0, < 2.0)
      rspec-support (~> 3.13.0)
    rspec-rails (6.1.5)
      actionpack (>= 6.1)
      activesupport (>= 6.1)
      railties (>= 6.1)
      rspec-core (~> 3.13)
      rspec-expectations (~> 3.13)
      rspec-mocks (~> 3.13)
      rspec-support (~> 3.13)
    rspec-support (3.13.6)
    rswag (2.16.0)
      rswag-api (= 2.16.0)
      rswag-specs (= 2.16.0)
      rswag-ui (= 2.16.0)
    rswag-api (2.16.0)
      activesupport (>= 5.2, < 8.1)
      railties (>= 5.2, < 8.1)
    rswag-specs (2.16.0)
      activesupport (>= 5.2, < 8.1)
      json-schema (>= 2.2, < 6.0)
      railties (>= 5.2, < 8.1)
      rspec-core (>= 2.14)
    rswag-ui (2.16.0)
      actionpack (>= 5.2, < 8.1)
      railties (>= 5.2, < 8.1)
    rubocop (1.80.2)
      json (~> 2.3)
      language_server-protocol (~> 3.17.0.2)
      lint_roller (~> 1.1.0)
      parallel (~> 1.10)
      parser (>= 3.3.0.2)
      rainbow (>= 2.2.2, < 4.0)
      regexp_parser (>= 2.9.3, < 3.0)
      rubocop-ast (>= 1.46.0, < 2.0)
      ruby-progressbar (~> 1.7)
      unicode-display_width (>= 2.4.0, < 4.0)
    rubocop-ast (1.47.1)
      parser (>= 3.3.7.2)
      prism (~> 1.4)
    rubocop-performance (1.25.0)
      lint_roller (~> 1.1)
      rubocop (>= 1.75.0, < 2.0)
      rubocop-ast (>= 1.38.0, < 2.0)
    ruby-progressbar (1.13.0)
    ruby-vips (2.2.5)
      ffi (~> 1.12)
      logger
    sassc (2.4.0)
      ffi (~> 1.9)
    sassc-rails (2.1.2)
      railties (>= 4.0.0)
      sassc (>= 2.0)
      sprockets (> 3.0)
      sprockets-rails
      tilt
    securerandom (0.4.1)
    shoulda-matchers (5.3.0)
      activesupport (>= 5.2.0)
    sidekiq (7.3.9)
      base64
      connection_pool (>= 2.3.0)
      logger
      rack (>= 2.2.4)
      redis-client (>= 0.22.2)
    simplecov (0.22.0)
      docile (~> 1.1)
      simplecov-html (~> 0.11)
      simplecov_json_formatter (~> 0.1)
    simplecov-html (0.13.2)
    simplecov_json_formatter (0.1.4)
    sprockets (4.2.2)
      concurrent-ruby (~> 1.0)
      logger
      rack (>= 2.2.4, < 4)
    sprockets-rails (3.5.2)
      actionpack (>= 6.1)
      activesupport (>= 6.1)
      sprockets (>= 3.0.0)
    sqlite3 (1.7.3-aarch64-linux)
    sqlite3 (1.7.3-arm-linux)
    sqlite3 (1.7.3-arm64-darwin)
    sqlite3 (1.7.3-x86_64-darwin)
    sqlite3 (1.7.3-x86_64-linux)
    standard (1.51.1)
      language_server-protocol (~> 3.17.0.2)
      lint_roller (~> 1.0)
      rubocop (~> 1.80.2)
      standard-custom (~> 1.0.0)
      standard-performance (~> 1.8)
    standard-custom (1.0.2)
      lint_roller (~> 1.0)
      rubocop (~> 1.50)
    standard-performance (1.8.0)
      lint_roller (~> 1.1)
      rubocop-performance (~> 1.25.0)
    stringio (3.1.7)
    thor (1.4.0)
    tilt (2.6.1)
    timeout (0.4.3)
    trestle (0.9.9)
      activemodel (>= 5.2.0)
      kaminari (>= 1.1.0)
      railties (>= 5.2.0)
      sprockets-rails (>= 2.0.0)
    trestle-auth (0.4.4)
      bcrypt (~> 3.1.7)
      trestle (~> 0.9.0, >= 0.9.3)
    trestle-search (0.4.3)
      trestle (~> 0.9.0, >= 0.9.3)
    tsort (0.2.0)
    tzinfo (2.0.6)
      concurrent-ruby (~> 1.0)
    umami-ruby (0.1.3)
      faraday (~> 2.0)
    unicode-display_width (3.2.0)
      unicode-emoji (~> 4.1)
    unicode-emoji (4.1.0)
    uri (1.0.4)
    web-console (4.2.1)
      actionview (>= 6.0.0)
      activemodel (>= 6.0.0)
      bindex (>= 0.4.0)
      railties (>= 6.0.0)
    websocket-driver (0.8.0)
      base64
      websocket-extensions (>= 0.1.0)
    websocket-extensions (0.1.5)
    zeitwerk (2.7.3)

PLATFORMS
  aarch64-linux
  aarch64-linux-gnu
  aarch64-linux-musl
  arm-linux
  arm-linux-gnu
  arm-linux-musl
  arm64-darwin
  x86_64-darwin
  x86_64-linux-gnu
  x86_64-linux-musl

DEPENDENCIES
  aws-sdk-s3 (~> 1.117)
  bootsnap
  debug (~> 1.7)
  factory_bot_rails (~> 6.2)
  groupdate (~> 6.1)
  image_processing (~> 1.12)
  jbuilder (~> 2.11)
  jsonapi.rb (~> 2.0)
  pg (~> 1.4)
  pg_search (~> 2.3)
  puma (~> 6)
  rack-attack (~> 6.6)
  rack-cors (~> 1.1)
  rack-mini-profiler (~> 3.0)
  rails (~> 7.0)
  ransack (~> 3.2)
  readme-metrics (~> 2.3)
  redis (~> 4.8)
  rspec-rails (~> 6.0)
  rswag (~> 2.8)
  sassc-rails (~> 2.1)
  shoulda-matchers (~> 5.3)
  sidekiq (~> 7.1)
  simplecov (~> 0.21)
  sprockets-rails (~> 3.4)
  sqlite3 (~> 1.5)
  standard (~> 1.29)
  trestle (~> 0.9)
  trestle-active_storage!
  trestle-auth (~> 0.4)
  trestle-search (~> 0.4)
  tzinfo-data
  umami-ruby (~> 0.1.3)
  web-console (~> 4.2)

RUBY VERSION
   ruby 3.3.6p108

BUNDLED WITH
   2.5.22
